GIT
  remote: git@github.com:mdsol/api_pagination.git
  revision: f67462ea50c29f348ad6c7c5d6009e258fdbfa45
  tag: v0.0.9
  specs:
    api_pagination (0.0.9)
      kaminari

GIT
  remote: git@github.com:mdsol/dice_bag.git
  revision: 5efbc98d074760d84fc08839f907cc724f5370c8
  tag: v0.7
  specs:
    dice_bag (0.7.0)
      rake

GIT
  remote: git@github.com:mdsol/eureka-client.git
  revision: 31d3a2fdb1fdc99886783efd8f2911b57b2e4d67
  tag: v2.3.2
  specs:
    eureka-client (2.3.2)
      activemodel (>= 2.2.2, < 4.0)
      activesupport (>= 2.2.2, < 4.0)
      addressable (~> 2.3)
      autoparse (>= 0.3.0)
      dice_bag (~> 0.7)
      extlib (>= 0.9.15)
      faraday (~> 0.8.0)
      faraday_middleware (~> 0.8)
      haml (> 2.0.0)
      json-schema (~> 1.0.4)
      launchy (>= 2.0.0)
      multi_json (>= 1.0.0)
      net-http-persistent (~> 2.8)
      rack-cache (>= 1.3.0)
      railties (>= 2.2.2, < 4.0)
      signet (~> 0.4.0)

GIT
  remote: git@github.com:mdsol/eureka_tools.git
  revision: 28ddda7c29cc46e65adc307e2e77dd09db727bcd
  branch: develop
  specs:
    eureka_tools (1.3.0)
      activemodel
      activesupport
      haml
      term-ansicolor
      thor

GIT
  remote: git@github.com:mdsol/grandmaster.git
  revision: 9916764d0fbe7a33e058f876099ee61d7736d376
  tag: v1.4.0
  specs:
    grandmaster (1.4.0)
      actionpack (~> 3.2.13)
      activesupport (~> 3.2.13)
      dice_bag (~> 0.7)
      mdsol-tools
      nokogiri (~> 1.6.0)
      rack (~> 1.4.5)
      rack-proxy (~> 0.4.0)
      rails (~> 3.2.13)
      railties (~> 3.2.13)

GIT
  remote: git@github.com:mdsol/impersonation_middleware.git
  revision: 950e4f7ee07d2265f83a2a3d81a9c5473e00303e
  tag: v0.0.2
  specs:
    impersonation_middleware (0.0.2)

GIT
  remote: git@github.com:mdsol/kender.git
  revision: 7e1d121f70eccd2c3d404f7e2e3144a0be625d44
  tag: v0.1.7
  specs:
    kender (0.1.6)
      bundler

GIT
  remote: git@github.com:mdsol/mauth-client.git
  revision: 3020ee4e3329ce9199aaa1ec49c98d8d9c737817
  tag: v2.6.3
  specs:
    mauth-client (2.6.3)
      coderay (~> 1.0)
      dice_bag (~> 0.6)
      faraday (~> 0.7)
      faraday_middleware (~> 0.8)
      json (~> 1.7)
      rack (~> 1.4)
      term-ansicolor (~> 1.0)

GIT
  remote: git@github.com:mdsol/mdsol-tools.git
  revision: a579688d034a68af058ab99277c260fe060fcdd6
  tag: v0.3.2
  specs:
    mdsol-tools (0.3.1)
      activesupport (>= 2.2.1)
      addressable
      uuidtools (>= 2.1.2)

GIT
  remote: git@github.com:mdsol/mysql2_config.git
  revision: ef8ba4d0f0917dd8be0bc78df7e551ff35649300
  branch: master
  specs:
    mysql2_config (0.0.1)
      mysql2
      rails (~> 3.2)

GIT
  remote: git@github.com:mdsol/pb_numbers.git
  revision: ec1d611ce6d7ee864f39661f2129897865d22b1d
  tag: v1.0.0
  specs:
    pb_numbers (1.0.0)
      rake

GIT
  remote: git@github.com:mdsol/rack-app_status.git
  revision: 34bb7ae5cc915968f7d7aae4a0b1fa36bc333d51
  tag: 0.1.2
  specs:
    rack-app_status (0.1.2)
      activesupport
      rack

GIT
  remote: git@github.com:mdsol/rack-cache.git
  revision: 15390785b682786376be7d9ae8ce0165dced84c2
  branch: develop
  specs:
    rack-cache (1.3)
      rack (>= 0.4)

GIT
  remote: git@github.com:mdsol/sandman-rails.git
  revision: 4eb14fec6952c7f7418a1ff6f6c6455cd87a1216
  branch: v0.2.8
  specs:
    sandman-rails (0.2.8)
      railties (~> 3.0)

GIT
  remote: git@github.com:mdsol/shamus.git
  revision: bd89c8b6eafd8cabeca51e7ab32766d03d23056e
  branch: develop
  specs:
    shamus (0.9.10)
      activesupport
      cucumber (>= 1.0.0)
      git
      haml (>= 3.0.0)
      i18n
      nokogiri
      redcarpet (< 2.0.0)
      sass
      trollop
      yard (>= 0.7.0)

GIT
  remote: git@github.com:mdsol/strong_parameters.git
  revision: 9df34a306259faf75037c520465dc4014cbed03e
  tag: v1.0.1dev
  specs:
    strong_parameters (0.1.6.dev)
      actionpack (~> 3.0)
      activemodel (~> 3.0)
      railties (~> 3.0)

GIT
  remote: git@github.com:mdsol/tamashii.git
  revision: 77a97855d75a42cf20c709b063d282925e059b9a
  tag: v1.5.1
  specs:
    tamashii (1.5.1)
      api_pagination
      eureka-client
      eureka_tools
      mauth-client
      mdsol-tools

GIT
  remote: git@github.com:mszenher/zipkin-tracer.git
  revision: 1ab53c1f5d80058df45d9d592647dc57ab03e995
  tag: v0.4.0
  specs:
    zipkin-tracer (0.4.0)
      finagle-thrift
      scribe

GEM
  remote: https://rubygems.org/
  specs:
    actionmailer (3.2.17)
      actionpack (= 3.2.17)
      mail (~> 2.5.4)
    actionpack (3.2.17)
      activemodel (= 3.2.17)
      activesupport (= 3.2.17)
      builder (~> 3.0.0)
      erubis (~> 2.7.0)
      journey (~> 1.0.4)
      rack (~> 1.4.5)
      rack-cache (~> 1.2)
      rack-test (~> 0.6.1)
      sprockets (~> 2.2.1)
    activemodel (3.2.17)
      activesupport (= 3.2.17)
      builder (~> 3.0.0)
    activerecord (3.2.17)
      activemodel (= 3.2.17)
      activesupport (= 3.2.17)
      arel (~> 3.0.2)
      tzinfo (~> 0.3.29)
    activeresource (3.2.17)
      activemodel (= 3.2.17)
      activesupport (= 3.2.17)
    activesupport (3.2.17)
      i18n (~> 0.6, >= 0.6.4)
      multi_json (~> 1.0)
    addressable (2.3.5)
    arel (3.0.3)
    asset_sync (1.0.0)
      activemodel
      fog (>= 1.8.0)
    ast (1.1.0)
    autoparse (0.3.3)
      addressable (>= 2.3.1)
      extlib (>= 0.9.15)
      multi_json (>= 1.0.0)
    better_errors (1.1.0)
      coderay (>= 1.0.0)
      erubis (>= 2.6.6)
    binding_of_caller (0.7.2)
      debug_inspector (>= 0.0.1)
    brakeman (2.4.1)
      erubis (~> 2.6)
      fastercsv (~> 1.5)
      haml (>= 3.0, < 5.0)
      highline (~> 1.6.20)
      multi_json (~> 1.2)
      ruby2ruby (~> 2.0.5)
      ruby_parser (~> 3.4.0)
      sass (~> 3.0)
      slim (>= 1.3.6, < 3.0)
      terminal-table (~> 1.4)
    builder (3.0.4)
    bundler-audit (0.3.0)
      bundler (~> 1.2)
    capybara (2.2.1)
      mime-types (>= 1.16)
      nokogiri (>= 1.3.3)
      rack (>= 1.0.0)
      rack-test (>= 0.5.4)
      xpath (~> 2.0)
    carmen (1.0.1)
      unicode_utils (~> 1.4.0)
    carmen-rails (1.0.1)
      carmen (~> 1.0.0)
      rails
    childprocess (0.5.1)
      ffi (~> 1.0, >= 1.0.11)
    cliver (0.3.2)
    coderay (1.1.0)
    coffee-rails (3.2.2)
      coffee-script (>= 2.2.0)
      railties (~> 3.2.0)
    coffee-script (2.2.0)
      coffee-script-source
      execjs
    coffee-script-source (1.7.0)
    columnize (0.3.6)
    crack (0.4.2)
      safe_yaml (~> 1.0.0)
    cucumber (1.3.12)
      builder (>= 2.1.2)
      diff-lcs (>= 1.1.3)
      gherkin (~> 2.12)
      multi_json (>= 1.7.5, < 2.0)
      multi_test (>= 0.1.1)
    cucumber-rails (1.4.0)
      capybara (>= 1.1.2)
      cucumber (>= 1.2.0)
      nokogiri (>= 1.5.0)
      rails (>= 3.0.0)
    daemons (1.1.9)
    dalli (2.7.0)
    database_cleaner (0.9.1)
    debug_inspector (0.0.2)
    debugger (1.1.4)
      columnize (>= 0.3.1)
      debugger-linecache (~> 1.1.1)
      debugger-ruby_core_source (~> 1.1.3)
    debugger-linecache (1.1.2)
      debugger-ruby_core_source (>= 1.1.1)
    debugger-ruby_core_source (1.1.9)
    diff-lcs (1.2.5)
    docile (1.1.3)
    erubis (2.7.0)
    eventmachine (1.0.3)
    excon (0.31.0)
    execjs (2.0.2)
    extlib (0.9.16)
    factory_girl (4.4.0)
      activesupport (>= 3.0.0)
    factory_girl_rails (4.4.1)
      factory_girl (~> 4.4.0)
      railties (>= 3.0.0)
    faker (1.3.0)
      i18n (~> 0.5)
    faraday (0.8.9)
      multipart-post (~> 1.2.0)
    faraday_middleware (0.9.0)
      faraday (>= 0.7.4, < 0.9)
    fastercsv (1.5.5)
    ffi (1.9.3)
    finagle-thrift (1.3.1)
    fog (1.20.0)
      builder
      excon (~> 0.31.0)
      formatador (~> 0.2.0)
      mime-types
      multi_json (~> 1.0)
      net-scp (~> 1.1)
      net-ssh (>= 2.1.3)
      nokogiri (>= 1.5.11)
    formatador (0.2.4)
    gherkin (2.12.2)
      multi_json (~> 1.3)
    git (1.2.6)
    haml (4.0.5)
      tilt
    haml-rails (0.4)
      actionpack (>= 3.1, < 4.1)
      activesupport (>= 3.1, < 4.1)
      haml (>= 3.1, < 4.1)
      railties (>= 3.1, < 4.1)
    highline (1.6.21)
    hike (1.2.3)
    i18n (0.6.9)
    i18n-js (2.1.2)
      i18n
    i18n-missing_translations (0.0.2)
      i18n (~> 0.6.0)
    jasmine (1.3.2)
      jasmine-core (~> 1.3.1)
      rack (~> 1.0)
      rspec (>= 1.3.1)
      selenium-webdriver (>= 0.1.3)
    jasmine-core (1.3.1)
    jasmine-phantom (0.0.9)
      jasmine (>= 1.2.0)
      posix-spawn
    journey (1.0.4)
    jquery-rails (3.1.0)
      railties (>= 3.0, < 5.0)
      thor (>= 0.14, < 2.0)
    js-routes (0.9.7)
      railties (>= 3.2)
      sprockets-rails
    jslint (1.2.0)
      json
    json (1.8.1)
    json-schema (1.0.12)
    jwt (0.1.11)
      multi_json (>= 1.5)
    kaminari (0.15.1)
      actionpack (>= 3.0.0)
      activesupport (>= 3.0.0)
    launchy (2.1.2)
      addressable (~> 2.3)
    libv8 (3.16.14.3)
    mail (2.5.4)
      mime-types (~> 1.16)
      treetop (~> 1.4.8)
    method_source (0.8.2)
    mime-types (1.25.1)
    mini_portile (0.5.2)
    multi_json (1.9.0)
    multi_test (0.1.1)
    multipart-post (1.2.0)
    mysql2 (0.3.15)
    net-http-persistent (2.9.4)
    net-scp (1.1.2)
      net-ssh (>= 2.6.5)
    net-ssh (2.8.0)
    newrelic_rpm (3.7.3.204)
    nokogiri (1.6.1)
      mini_portile (~> 0.5.0)
    parser (2.1.7)
      ast (~> 1.1)
      slop (~> 3.4, >= 3.4.5)
    pickle (0.4.11)
      cucumber (>= 0.8)
      rake
    poltergeist (1.5.0)
      capybara (~> 2.1)
      cliver (~> 0.3.1)
      multi_json (~> 1.0)
      websocket-driver (>= 0.2.0)
    polyglot (0.3.4)
    posix-spawn (0.3.8)
    powerpack (0.0.9)
    pry (0.9.12.6)
      coderay (~> 1.0)
      method_source (~> 0.8)
      slop (~> 3.4)
    pry-nav (0.2.3)
      pry (~> 0.9.10)
    pry-stack_explorer (0.4.9.1)
      binding_of_caller (>= 0.7)
      pry (>= 0.9.11)
    rabl (0.7.9)
      activesupport (>= 2.3.14)
      multi_json (~> 1.0)
    rack (1.4.5)
    rack-cors (0.2.9)
    rack-proxy (0.4.0)
      rack
    rack-ssl (1.3.3)
      rack
    rack-test (0.6.2)
      rack (>= 1.0)
    rails (3.2.17)
      actionmailer (= 3.2.17)
      actionpack (= 3.2.17)
      activerecord (= 3.2.17)
      activeresource (= 3.2.17)
      activesupport (= 3.2.17)
      bundler (~> 1.0)
      railties (= 3.2.17)
    railties (3.2.17)
      actionpack (= 3.2.17)
      activesupport (= 3.2.17)
      rack-ssl (~> 1.3.2)
      rake (>= 0.8.7)
      rdoc (~> 3.4)
      thor (>= 0.14.6, < 2.0)
    rainbow (2.0.0)
    rake (10.1.1)
    rdoc (3.12.2)
      json (~> 1.4)
    redcarpet (1.17.2)
    ref (1.0.5)
    roo (1.13.2)
      nokogiri
      rubyzip
      spreadsheet (> 0.6.4)
    rspec (2.14.1)
      rspec-core (~> 2.14.0)
      rspec-expectations (~> 2.14.0)
      rspec-mocks (~> 2.14.0)
    rspec-core (2.14.8)
    rspec-expectations (2.14.5)
      diff-lcs (>= 1.1.3, < 2.0)
    rspec-mocks (2.14.6)
    rspec-rails (2.14.1)
      actionpack (>= 3.0)
      activemodel (>= 3.0)
      activesupport (>= 3.0)
      railties (>= 3.0)
      rspec-core (~> 2.14.0)
      rspec-expectations (~> 2.14.0)
      rspec-mocks (~> 2.14.0)
    rubocop (0.19.1)
      json (>= 1.7.7, < 2)
      parser (~> 2.1.7)
      powerpack (~> 0.0.6)
      rainbow (>= 1.99.1, < 3.0)
      ruby-progressbar (~> 1.4)
    rubocop-checkstyle_formatter (0.0.4)
      rubocop (>= 0.9.0)
    ruby-ole (1.2.11.7)
    ruby-progressbar (1.4.2)
    ruby2ruby (2.0.7)
      ruby_parser (~> 3.1)
      sexp_processor (~> 4.0)
    ruby_parser (3.4.1)
      sexp_processor (~> 4.1)
    rubyzip (1.1.1)
    safe_yaml (1.0.1)
    sass (3.3.3)
    sass-rails (3.2.6)
      railties (~> 3.2.0)
      sass (>= 3.1.10)
      tilt (~> 1.3)
    scribe (0.2.4)
      rake
      thrift_client (~> 0.6)
    selenium-webdriver (2.40.0)
      childprocess (>= 0.5.0)
      multi_json (~> 1.0)
      rubyzip (~> 1.0)
      websocket (~> 1.0.4)
    sexp_processor (4.4.2)
    signet (0.4.5)
      addressable (>= 2.2.3)
      faraday (~> 0.8.1)
      jwt (>= 0.1.5)
      multi_json (>= 1.0.0)
    simplecov (0.8.2)
      docile (~> 1.1.0)
      multi_json
      simplecov-html (~> 0.8.0)
    simplecov-html (0.8.0)
    slim (2.0.2)
      temple (~> 0.6.6)
      tilt (>= 1.3.3, < 2.1)
    slop (3.5.0)
    spreadsheet (0.9.7)
      ruby-ole (>= 1.0)
    sprockets (2.2.1)
      hike (~> 1.2)
      multi_json (~> 1.0)
      rack (~> 1.0)
      tilt (~> 1.1, != 1.3.0)
    sprockets-rails (0.0.1)
      sprockets (>= 1.0.2)
    sqlite3 (1.3.9)
    temple (0.6.7)
    term-ansicolor (1.3.0)
      tins (~> 1.0)
    terminal-table (1.4.5)
    therubyracer (0.12.1)
      libv8 (~> 3.16.14.0)
      ref
    thin (1.5.1)
      daemons (>= 1.0.9)
      eventmachine (>= 0.12.6)
      rack (>= 1.0.0)
    thor (0.18.1)
    thrift (0.9.1)
    thrift_client (0.9.2)
      thrift (~> 0.9.0)
    tilt (1.4.1)
    timecop (0.7.1)
    tins (1.0.0)
    treetop (1.4.15)
      polyglot
      polyglot (>= 0.3.1)
    trollop (2.0)
    turbolinks (2.2.1)
      coffee-rails
    tzinfo (0.3.39)
    uglifier (2.5.0)
      execjs (>= 0.3.0)
      json (>= 1.8.0)
    unicode_utils (1.4.0)
    uuidtools (2.1.4)
    validate_email (0.1.6)
      activemodel (>= 3.0)
      mail (>= 2.2.5)
    webmock (1.17.4)
      addressable (>= 2.2.7)
      crack (>= 0.3.2)
    websocket (1.0.7)
    websocket-driver (0.3.2)
    xpath (2.0.0)
      nokogiri (~> 1.3)
    yard (0.8.7.3)

PLATFORMS
  ruby

DEPENDENCIES
  addressable (~> 2.3)
  api_pagination!
  asset_sync (~> 1.0.0)
  better_errors (~> 1.1.0)
  binding_of_caller
  brakeman (~> 2.0)
  bundler-audit (~> 0.1)
  capybara (~> 2.2)
  carmen-rails (~> 1.0)
  coffee-rails (~> 3.2.1)
  cucumber
  cucumber-rails (~> 1.3)
  dalli (~> 2.6)
  database_cleaner (~> 0.7)
  debugger (= 1.1.4)
  dice_bag!
  eureka-client!
  eureka_tools!
  execjs
  factory_girl
  factory_girl_rails
  faker
  faraday (~> 0.8)
  grandmaster!
  haml-rails (~> 0.4)
  i18n-js (~> 2.1)
  i18n-missing_translations (~> 0.0)
  impersonation_middleware!
  jasmine (~> 1.3.2)
  jasmine-phantom (~> 0.0.9)
  jquery-rails
  js-routes (~> 0.7)
  jslint (~> 1.2.0)
  kaminari
  kender!
  launchy (~> 2.1.2)
  mauth-client!
  mdsol-tools!
  mysql2 (~> 0.3)
  mysql2_config!
  newrelic_rpm (~> 3.6)
  nokogiri (~> 1.6)
  pb_numbers!
  pickle (~> 0.4)
  poltergeist (~> 1.5)
  pry (~> 0.9)
  pry-nav (~> 0.2)
  pry-stack_explorer (~> 0.4.9)
  rabl (= 0.7.9)
  rack-app_status!
  rack-cache!
  rack-cors (~> 0.2)
  rails (= 3.2.17)
  roo (~> 1.13)
  rspec (~> 2.14)
  rspec-rails (~> 2.14)
  rubocop
  rubocop-checkstyle_formatter
  sandman-rails!
  sass-rails (~> 3.2.3)
  selenium-webdriver (~> 2.35)
  shamus!
  simplecov (~> 0.6)
  sqlite3
  strong_parameters!
  tamashii!
  therubyracer
  thin (= 1.5.1)
  timecop (~> 0.4)
  turbolinks
  uglifier (>= 1.0.3)
  uuidtools (~> 2.1)
  validate_email (~> 0.1)
  webmock (~> 1.11)
  zipkin-tracer!
